NUGET
  remote: https://nuget.org/api/v2
  specs:
    FAKE (4.4.5)
    NUnit (2.6.4) - framework: >= net40
    NUnit.Runners (2.6.4)
