NUGET
  remote: https://nuget.org/api/v2
  specs:
    FAKE (4.4.4)
    NUnit (2.6.4) - framework: >= net40
